GEM
  remote: https://rubygems.org/
  specs:
    coderay (1.1.3)
    excon (0.110.0)
    ffi (1.16.3)
    formatador (1.1.0)
    guard (2.18.1)
      formatador (>= 0.2.4)
      listen (>= 2.7, < 4.0)
      lumberjack (>= 1.0.12, < 2.0)
      nenv (~> 0.1)
      notiffany (~> 0.0)
      pry (>= 0.13.0)
      shellany (~> 0.0)
      thor (>= 0.18.1)
    guard-compat (1.2.1)
    guard-puma (0.8.1)
      guard (~> 2.14)
      guard-compat (~> 1.2)
      puma (>= 4.0, < 7)
    json (2.7.2)
    kramdown (2.4.0)
      rexml
    listen (3.9.0)
      rb-fsevent (~> 0.10, >= 0.10.3)
      rb-inotify (~> 0.9, >= 0.9.10)
    lumberjack (1.2.10)
    method_source (1.1.0)
    nenv (0.3.0)
    nio4r (2.7.3)
    notiffany (0.1.3)
      nenv (~> 0.1)
      shellany (~> 0.0)
    pry (0.14.2)
      coderay (~> 1.1)
      method_source (~> 1.0)
    puma (6.4.2)
      nio4r (~> 2.0)
    rack (3.0.11)
    rb-fsevent (0.11.2)
    rb-inotify (0.10.1)
      ffi (~> 1.0)
    rexml (3.2.6)
    shellany (0.0.1)
    simple_spark (1.0.12)
      excon (>= 0.16.0, < 1.0)
      json (>= 1.7.7, < 3.0)
    thor (1.3.1)

PLATFORMS
  x86_64-linux

DEPENDENCIES
  guard (= 2.18.1)
  guard-puma (= 0.8.1)
  kramdown (= 2.4.0)
  puma (= 6.4.2)
  rack (= 3.0.11)
  simple_spark (= 1.0.12)

RUBY VERSION
   ruby 3.4.0.preview1

BUNDLED WITH
   2.5.9
